GEM
  remote: https://rubygems.org/
  specs:
    addressable (2.5.0)
      public_suffix (~> 2.0, >= 2.0.2)
    cool.io (1.4.5)
    faraday (0.12)
      multipart-post (>= 1.2, < 3)
    fluent-plugin-detect-exceptions (0.0.3)
      fluentd (~> 0.10, <= 0.13)
    fluent-plugin-google-cloud (0.6.15)
      fluentd (~> 0.10)
      google-api-client (~> 0.17.0)
      google-cloud-logging (~> 1.3, >= 1.3.2)
      googleapis-common-protos (~> 1.3)
      googleauth (~> 0.6.0)
      grpc (~> 1.0)
      json (~> 1.8)
    fluentd (0.12.31)
      cool.io (>= 1.2.2, < 2.0.0)
      http_parser.rb (>= 0.5.1, < 0.7.0)
      json (>= 1.4.3)
      msgpack (>= 0.5.11, < 0.6.0)
      sigdump (~> 0.2.2)
      string-scrub (>= 0.0.3, <= 0.0.5)
      tzinfo (>= 1.0.0)
      tzinfo-data (>= 1.0.0)
      yajl-ruby (~> 1.0)
    google-api-client (0.17.0)
      addressable (~> 2.5, >= 2.5.1)
      googleauth (>= 0.5, < 0.7.0)
      httpclient (>= 2.8.1, < 3.0)
      hurley (~> 0.1)
      memoist (~> 0.11)
      mime-types (~> 3.0)
      representable (~> 3.0)
      retriable (>= 2.0, < 4.0)
    google-cloud-core (1.1)
      google-cloud-env (~> 1.0)
    google-cloud-env (1.0)
      faraday (~> 0.11)
    google-cloud-logging (1.3.2)
      google-cloud-core (~> 1.1)
      google-gax (~> 0.10.1)
      stackdriver-core (~> 1.2)
    google-gax (0.10.1)
      google-protobuf (~> 3.2)
      googleapis-common-protos (>= 1.3.5, < 2.0)
      googleauth (~> 0.6.2)
      grpc (>= 1.7.2, < 2.0)
      rly (~> 0.2.3)
    google-protobuf (3.2.0)
    googleapis-common-protos (1.3.5)
      google-protobuf (~> 3.2)
      grpc (~> 1.0)
    googleapis-common-protos-types (1.0.0)
      google-protobuf (~> 3.0)
    googleauth (0.6.2)
      faraday (~> 0.12)
      jwt (>= 1.4, < 3.0)
      logging (~> 2.0)
      memoist (~> 0.12)
      multi_json (~> 1.11)
      os (~> 0.9)
      signet (~> 0.7)
    grpc (1.7.2)
      google-protobuf (~> 3.1)
      googleapis-common-protos-types (~> 1.0.0)
      googleauth (>= 0.5.1, < 0.7)
    http_parser.rb (0.6.0)
    httpclient (2.8.3)
    hurley (0.2)
    json (1.8.3)
    jwt (1.5.6)
    little-plugger (1.1.4)
    logging (2.1.0)
      little-plugger (~> 1.1)
      multi_json (~> 1.10)
    memoist (0.15.0)
    mime-types (3.1)
      mime-types-data (~> 3.2015)
    mime-types-data (3.2016.0521)
    msgpack (0.5.12)
    multi_json (1.12.1)
    multipart-post (2.0.0)
    os (0.9.6)
    public_suffix (2.0.5)
    representable (2.3.0)
      uber (~> 0.0.7)
    retriable (2.1.0)
    rly (0.2.3)
    sigdump (0.2.4)
    signet (0.7.3)
      addressable (~> 2.3)
      faraday (~> 0.9)
      jwt (~> 1.5)
      multi_json (~> 1.10)
    stackdriver-core (1.2)
    string-scrub (0.0.5)
    thread_safe (0.3.5)
    tzinfo (1.2.2)
      thread_safe (~> 0.1)
    tzinfo-data (1.2016.10)
      tzinfo (>= 1.0.0)
    uber (0.0.15)
    yajl-ruby (1.3.0)

PLATFORMS
  ruby

DEPENDENCIES
  fluent-plugin-detect-exceptions (= 0.0.3)
  fluent-plugin-google-cloud (~> 0.6.15)
  fluentd (~> 0.12)
  google-api-client (~> 0.17.0)
  googleauth (~> 0.6.0)

BUNDLED WITH
   1.16.1
